NUGET
  remote: https://nuget.org/api/v2
  specs:
    Mono.Cecil (0.9.6.1)
