RESTRICTION: == net45
NUGET
  remote: https://api.nuget.org/v3/index.json
    Chessie (0.6)
      FSharp.Core
    FAKE (4.52)
    FSharp.Core (4.1)
      System.ValueTuple (>= 4.3)
    Mono.Cecil (0.10.0-beta6)
    Newtonsoft.Json (9.0.1)
    Paket.Core (3.36.1)
      Chessie (>= 0.6)
      FSharp.Core (>= 4.0.1.7-alpha)
      Mono.Cecil (>= 0.10.0-beta1-v2)
      Newtonsoft.Json
      System.Diagnostics.FileVersionInfo (>= 4.3.0-prerelease)
      System.Diagnostics.Process (>= 4.3.0-prerelease)
      System.Diagnostics.TraceSource (>= 4.3.0-prerelease)
      System.Security.Cryptography.Algorithms (>= 4.3.0-prerelease)
      System.Security.Cryptography.ProtectedData (>= 4.3.0-prerelease)
      System.Xml.XDocument (>= 4.3.0-prerelease)
      System.Xml.XPath.XDocument (>= 4.3.0-prerelease)
      System.Xml.XPath.XmlDocument (>= 4.3.0-prerelease)
    SourceLink.Fake (1.1)
    System.Diagnostics.FileVersionInfo (4.3)
    System.Diagnostics.Process (4.3)
    System.Diagnostics.TraceSource (4.3)
    System.Security.Cryptography.Algorithms (4.3)
    System.Security.Cryptography.ProtectedData (4.3)
    System.ValueTuple (4.3)
    System.Xml.XDocument (4.3)
    System.Xml.XPath.XDocument (4.3)
    System.Xml.XPath.XmlDocument (4.3)
