RESTRICTION: == net45
NUGET
  remote: https://api.nuget.org/v3/index.json
    Chessie (0.6)
      FSharp.Core
    FAKE (4.62.1)
    FSharp.Core (4.2.1)
    Mono.Cecil (0.10.0-beta6)
    Newtonsoft.Json (10.0.3)
    Paket.Core (5.5.3)
      Chessie (>= 0.6)
      FSharp.Compiler.Tools
      FSharp.Core
      Mono.Cecil (>= 0.10.0-beta6)
      Newtonsoft.Json
    SourceLink.Fake (1.1)
  remote: https://vrvis.myget.org/F/aardvark_public
    FSharp.Compiler.Tools (4.1.23)
