RESTRICTION: == net45
NUGET
  remote: https://api.nuget.org/v3/index.json
    FAKE (4.63)
    Mono.Cecil (0.10.0-beta6)
    SourceLink.Fake (1.1)
