NUGET
  remote: http://api.nuget.org/v3/index.json
    Chessie (0.5.1)
      FSharp.Core
    FAKE (4.27)
    FSharp.Core (4.0.0.1)
    Mono.Cecil (0.9.5.4)
    Newtonsoft.Json (8.0.3)
    Paket.Core (3.1)
      Chessie
      FSharp.Core
      Newtonsoft.Json
    SourceLink.Fake (1.1)
